GEM
  remote: http://rubygems.org/
  specs:
    crack (0.1.8)
    git (1.2.5)
    jeweler (1.6.4)
      bundler (~> 1.0)
      git (>= 1.2.5)
      rake
    rake (0.9.2)
    rcov (0.9.9)
    recursive-open-struct (0.2.1)
    shoulda (2.11.3)

PLATFORMS
  ruby

DEPENDENCIES
  bundler (~> 1.0.0)
  crack (>= 0.1.8)
  jeweler (~> 1.6.2)
  rcov
  recursive-open-struct (>= 0.2.1)
  shoulda
