GEM
  remote: http://rubygems.org/
  specs:
    crack (0.1.8)
    fakeweb (1.3.0)
    git (1.2.5)
    jeweler (1.6.4)
      bundler (~> 1.0)
      git (>= 1.2.5)
      rake
    rake (0.9.2)
    rdoc (3.8)
    recursive-open-struct (0.2.1)
    shoulda (2.11.3)
    simplecov (0.4.2)
      simplecov-html (~> 0.4.4)
    simplecov-html (0.4.5)

PLATFORMS
  ruby

DEPENDENCIES
  bundler (~> 1.0.0)
  crack (>= 0.1.8)
  fakeweb (~> 1.3.0)
  jeweler (~> 1.6.2)
  rdoc
  recursive-open-struct (>= 0.2.1)
  shoulda
  simplecov (>= 0.4.0)
