GEM
  remote: http://rubygems.org/
  specs:
    crack (0.1.8)
    fakeweb (1.3.0)
    git (1.2.5)
    growl_notify (0.0.1)
      rb-appscript
    guard (0.6.2)
      thor (~> 0.14.6)
    guard-test (0.3.0)
      guard (>= 0.2.2)
      test-unit (~> 2.2)
    jeweler (1.6.4)
      bundler (~> 1.0)
      git (>= 1.2.5)
      rake
    rake (0.9.2)
    rb-appscript (0.6.1)
    rb-fsevent (0.4.3.1)
    rdoc (3.8)
    recursive-open-struct (0.2.1)
    shoulda (2.11.3)
    simplecov (0.4.2)
      simplecov-html (~> 0.4.4)
    simplecov-html (0.4.5)
    test-unit (2.3.2)
    thor (0.14.6)

PLATFORMS
  ruby

DEPENDENCIES
  bundler (~> 1.0.0)
  crack (>= 0.1.8)
  fakeweb (~> 1.3.0)
  growl_notify (~> 0.0.1)
  guard (>= 0.6.2)
  guard-test (~> 0.3.0)
  jeweler (~> 1.6.2)
  rb-fsevent (>= 0.3.5)
  rdoc
  recursive-open-struct (>= 0.2.1)
  shoulda
  simplecov (>= 0.4.0)
